GEM
  remote: https://rubygems.org/
  specs:
    activemodel (4.2.4)
      activesupport (= 4.2.4)
      builder (~> 3.1)
    activesupport (4.2.4)
      i18n (~> 0.7)
      json (~> 1.7, >= 1.7.7)
      minitest (~> 5.1)
      thread_safe (~> 0.3, >= 0.3.4)
      tzinfo (~> 1.1)
    bson (3.2.4-java)
    builder (3.2.2)
    ethon (0.8.0)
      ffi (>= 1.3.0)
    ffi (1.9.10-java)
    i18n (0.7.0)
    json (1.8.3-java)
    minitest (5.8.0)
    mongo (2.1.0)
      bson (~> 3.0)
    mongoid (5.0.0)
      activemodel (~> 4.0)
      mongo (~> 2.1)
      origin (~> 2.1)
      tzinfo (>= 0.3.37)
    nokogiri (1.6.6.2-java)
    origin (2.1.1)
    thread_safe (0.3.5-java)
    typhoeus (0.8.0)
      ethon (>= 0.8.0)
    tzinfo (1.2.2)
      thread_safe (~> 0.1)

PLATFORMS
  java

DEPENDENCIES
  mongoid
  nokogiri
  typhoeus

BUNDLED WITH
   1.10.6
